GEM
  remote: https://rubygems.org/
  specs:
    ace-rails-ap (3.0.2)
    actionmailer (4.2.0)
      actionpack (= 4.2.0)
      actionview (= 4.2.0)
      activejob (= 4.2.0)
      mail (~> 2.5, >= 2.5.4)
      rails-dom-testing (~> 1.0, >= 1.0.5)
    actionpack (4.2.0)
      actionview (= 4.2.0)
      activesupport (= 4.2.0)
      rack (~> 1.6.0)
      rack-test (~> 0.6.2)
      rails-dom-testing (~> 1.0, >= 1.0.5)
      rails-html-sanitizer (~> 1.0, >= 1.0.1)
    actionview (4.2.0)
      activesupport (= 4.2.0)
      builder (~> 3.1)
      erubis (~> 2.7.0)
      rails-dom-testing (~> 1.0, >= 1.0.5)
      rails-html-sanitizer (~> 1.0, >= 1.0.1)
    active_model_serializers (0.9.3)
      activemodel (>= 3.2)
    activejob (4.2.0)
      activesupport (= 4.2.0)
      globalid (>= 0.3.0)
    activemodel (4.2.0)
      activesupport (= 4.2.0)
      builder (~> 3.1)
    activerecord (4.2.0)
      activemodel (= 4.2.0)
      activesupport (= 4.2.0)
      arel (~> 6.0)
    activesupport (4.2.0)
      i18n (~> 0.7)
      json (~> 1.7, >= 1.7.7)
      minitest (~> 5.1)
      thread_safe (~> 0.3, >= 0.3.4)
      tzinfo (~> 1.1)
    addressable (2.3.6)
    annotate (2.6.5)
      activerecord (>= 2.3.0)
      rake (>= 0.8.7)
    arel (6.0.0)
    ast (2.0.0)
    astrolabe (1.3.0)
      parser (>= 2.2.0.pre.3, < 3.0)
    autoprefixer-rails (5.1.7)
      execjs
      json
    awesome_print (1.6.1)
    bcrypt (3.1.10)
    binding_of_caller (0.7.2)
      debug_inspector (>= 0.0.1)
    bootstrap-sass (3.3.3)
      autoprefixer-rails (>= 5.0.0.1)
      sass (>= 3.2.19)
    bootstrap-switch-rails (3.3.2)
    builder (3.2.2)
    bullet (4.14.4)
      activesupport (>= 3.0.0)
      uniform_notifier (>= 1.6.0)
    byebug (3.5.1)
      columnize (~> 0.8)
      debugger-linecache (~> 1.2)
      slop (~> 3.6)
    capybara (2.4.4)
      mime-types (>= 1.16)
      nokogiri (>= 1.3.3)
      rack (>= 1.0.0)
      rack-test (>= 0.5.4)
      xpath (~> 2.0)
    charlock_holmes (0.7.3)
    cliver (0.3.2)
    cocoon (1.2.6)
    coderay (1.1.0)
    colorize (0.7.5)
    columnize (0.9.0)
    coveralls (0.7.1)
      multi_json (~> 1.3)
      rest-client
      simplecov (>= 0.7)
      term-ansicolor
      thor
    crass (1.0.1)
    css_parser (1.3.5)
      addressable
    database_cleaner (1.4.0)
    debug_inspector (0.0.2)
    debugger-linecache (1.2.0)
    devise (3.4.1)
      bcrypt (~> 3.0)
      orm_adapter (~> 0.1)
      railties (>= 3.2.6, < 5)
      responders
      thread_safe (~> 0.1)
      warden (~> 1.2.3)
    devise_invitable (1.4.1)
      actionmailer (>= 3.2.6, < 5)
      devise (>= 3.2.0)
    diff-lcs (1.2.5)
    diffy (3.0.7)
    docile (1.1.5)
    dotenv (1.0.2)
    dotenv-rails (1.0.2)
      dotenv (= 1.0.2)
    email_validator (1.5.0)
      activemodel
    erubis (2.7.0)
    escape_utils (1.0.1)
    execjs (2.3.0)
    factory_girl (4.5.0)
      activesupport (>= 3.0.0)
    factory_girl_rails (4.5.0)
      factory_girl (~> 4.5.0)
      railties (>= 3.0.0)
    faker (1.4.3)
      i18n (~> 0.5)
    finishing_moves (0.3.1)
    font-awesome-sass (4.3.1)
      sass (~> 3.2)
    friendly_id (5.1.0)
      activerecord (>= 4.0.0)
    gemoji (2.1.0)
    github-linguist (4.4.2)
      charlock_holmes (~> 0.7.3)
      escape_utils (~> 1.0.1)
      mime-types (>= 1.19)
      rugged (~> 0.22.0b4)
    github-markdown (0.6.8)
    github-markup (1.3.3)
    globalid (0.3.3)
      activesupport (>= 4.1.0)
    high_voltage (2.2.1)
    hike (1.2.3)
    hirb (0.7.2)
    html-pipeline (1.11.0)
      activesupport (>= 2)
      nokogiri (~> 1.4)
    i18n (0.7.0)
    inch (0.5.10)
      pry
      sparkr (>= 0.2.0)
      term-ansicolor
      yard (~> 0.8.7.5)
    interactor (3.1.0)
    jquery-rails (4.0.3)
      rails-dom-testing (~> 1.0)
      railties (>= 4.2.0)
      thor (>= 0.14, < 2.0)
    jshintrb (0.2.4)
      execjs
      multi_json (>= 1.3)
      rake
    json (1.8.2)
    json_spec (1.1.4)
      multi_json (~> 1.0)
      rspec (>= 2.0, < 4.0)
    kaminari (0.16.3)
      actionpack (>= 3.0.0)
      activesupport (>= 3.0.0)
    kgio (2.9.3)
    kramdown (1.5.0)
    libv8 (3.16.14.7)
    lograge (0.3.1)
      actionpack (>= 3)
      activesupport (>= 3)
      railties (>= 3)
    loofah (2.0.1)
      nokogiri (>= 1.5.9)
    mail (2.6.3)
      mime-types (>= 1.16, < 3)
    method_source (0.8.2)
    mime-types (2.4.3)
    mini_portile (0.6.2)
    minitest (5.5.1)
    momentjs-rails (2.9.0)
      railties (>= 3.1)
    multi_json (1.10.1)
    netrc (0.10.2)
    nokogiri (1.6.6.2)
      mini_portile (~> 0.6.0)
    nokogumbo (1.2.0)
      nokogiri
    orm_adapter (0.5.0)
    paper_trail (3.0.6)
      activerecord (>= 3.0, < 5.0)
      activesupport (>= 3.0, < 5.0)
    parser (2.2.0.3)
      ast (>= 1.1, < 3.0)
    pg (0.18.1)
    poltergeist (1.5.1)
      capybara (~> 2.1)
      cliver (~> 0.3.1)
      multi_json (~> 1.0)
      websocket-driver (>= 0.2.0)
    posix-spawn (0.3.10)
    powerpack (0.1.0)
    pry (0.10.1)
      coderay (~> 1.1.0)
      method_source (~> 0.8.1)
      slop (~> 3.4)
    pry-byebug (2.0.0)
      byebug (~> 3.4)
      pry (~> 0.10)
    pry-rails (0.3.2)
      pry (>= 0.9.10)
    puma (2.11.1)
      rack (>= 1.1, < 2.0)
    pundit (0.3.0)
      activesupport (>= 3.0.0)
    pygments.rb (0.6.0)
      posix-spawn (~> 0.3.6)
      yajl-ruby (~> 1.1.0)
    que (0.9.1)
    rack (1.6.0)
    rack-attack (4.2.0)
      rack
    rack-cors (0.3.1)
    rack-test (0.6.3)
      rack (>= 1.0)
    rails (4.2.0)
      actionmailer (= 4.2.0)
      actionpack (= 4.2.0)
      actionview (= 4.2.0)
      activejob (= 4.2.0)
      activemodel (= 4.2.0)
      activerecord (= 4.2.0)
      activesupport (= 4.2.0)
      bundler (>= 1.3.0, < 2.0)
      railties (= 4.2.0)
      sprockets-rails
    rails-deprecated_sanitizer (1.0.3)
      activesupport (>= 4.2.0.alpha)
    rails-dom-testing (1.0.5)
      activesupport (>= 4.2.0.beta, < 5.0)
      nokogiri (~> 1.6.0)
      rails-deprecated_sanitizer (>= 1.0.1)
    rails-html-sanitizer (1.0.1)
      loofah (~> 2.0)
    railties (4.2.0)
      actionpack (= 4.2.0)
      activesupport (= 4.2.0)
      rake (>= 0.8.7)
      thor (>= 0.18.1, < 2.0)
    rainbow (2.0.0)
    raindrops (0.13.0)
    rake (10.4.2)
    ref (1.0.5)
    responders (2.1.0)
      railties (>= 4.2.0, < 5)
    rest-client (1.7.2)
      mime-types (>= 1.16, < 3.0)
      netrc (~> 0.7)
    roadie (3.0.2)
      css_parser (~> 1.3.4)
      nokogiri (~> 1.6.0)
    roadie-rails (1.0.4)
      rails (>= 3.0, < 4.3)
      roadie (~> 3.0)
    rspec (3.1.0)
      rspec-core (~> 3.1.0)
      rspec-expectations (~> 3.1.0)
      rspec-mocks (~> 3.1.0)
    rspec-core (3.1.7)
      rspec-support (~> 3.1.0)
    rspec-expectations (3.1.2)
      diff-lcs (>= 1.2.0, < 2.0)
      rspec-support (~> 3.1.0)
    rspec-mocks (3.1.3)
      rspec-support (~> 3.1.0)
    rspec-rails (3.1.0)
      actionpack (>= 3.0)
      activesupport (>= 3.0)
      railties (>= 3.0)
      rspec-core (~> 3.1.0)
      rspec-expectations (~> 3.1.0)
      rspec-mocks (~> 3.1.0)
      rspec-support (~> 3.1.0)
    rspec-support (3.1.2)
    rubocop (0.29.1)
      astrolabe (~> 1.3)
      parser (>= 2.2.0.1, < 3.0)
      powerpack (~> 0.1)
      rainbow (>= 1.99.1, < 3.0)
      ruby-progressbar (~> 1.4)
    ruby-progressbar (1.7.1)
    rugged (0.22.0b5)
    sanitize (3.1.0)
      crass (~> 1.0.1)
      nokogiri (>= 1.4.4)
      nokogumbo (= 1.2.0)
    sass (3.4.12)
    sass-rails (5.0.1)
      railties (>= 4.0.0, < 5.0)
      sass (~> 3.1)
      sprockets (>= 2.8, < 4.0)
      sprockets-rails (>= 2.0, < 4.0)
      tilt (~> 1.1)
    scss-lint (0.32.0)
      rainbow (~> 2.0)
      sass (~> 3.4.1)
    secure_headers (1.4.1)
    selectize-rails (0.11.2)
    simplecov (0.9.1)
      docile (~> 1.1.0)
      multi_json (~> 1.0)
      simplecov-html (~> 0.8.0)
    simplecov-console (0.2.0)
      colorize
      hirb
      simplecov
    simplecov-html (0.8.0)
    slop (3.6.0)
    sparkr (0.4.1)
    spring (1.2.0)
    spring-commands-rspec (1.0.4)
      spring (>= 0.9.1)
    sprockets (2.12.3)
      hike (~> 1.2)
      multi_json (~> 1.0)
      rack (~> 1.0)
      tilt (~> 1.1, != 1.3.0)
    sprockets-rails (2.2.2)
      actionpack (>= 3.0)
      activesupport (>= 3.0)
      sprockets (>= 2.8, < 4.0)
    teaspoon (0.8.0)
      railties (>= 3.2.5, < 5)
    term-ansicolor (1.3.0)
      tins (~> 1.0)
    therubyracer (0.12.1)
      libv8 (~> 3.16.14.0)
      ref
    thor (0.19.1)
    thread_safe (0.3.4)
    tilt (1.4.1)
    tins (1.3.3)
    tzinfo (1.2.2)
      thread_safe (~> 0.1)
    uglifier (2.7.0)
      execjs (>= 0.3.0)
      json (>= 1.8.0)
    unicorn (4.8.3)
      kgio (~> 2.6)
      rack
      raindrops (~> 0.7)
    uniform_notifier (1.7.0)
    warden (1.2.3)
      rack (>= 1.0)
    web-console (2.0.0)
      activemodel (~> 4.0)
      binding_of_caller (>= 0.7.2)
      railties (~> 4.0)
      sprockets-rails (>= 2.0, < 4.0)
    websocket-driver (0.5.1)
      websocket-extensions (>= 0.1.0)
    websocket-extensions (0.1.1)
    wicked (1.1.0)
      rails (>= 3.0.7)
    xpath (2.0.0)
      nokogiri (~> 1.3)
    yajl-ruby (1.1.0)
    yard (0.8.7.6)
    zurb-ink-rails (1.0.5)
      railties (>= 3.2, < 5.0)

PLATFORMS
  ruby

DEPENDENCIES
  ace-rails-ap (~> 3.0)
  active_model_serializers (~> 0.9)
  annotate (~> 2.6)
  autoprefixer-rails (~> 5.1)
  awesome_print (~> 1.6)
  bootstrap-sass (~> 3.3)
  bootstrap-switch-rails (~> 3.3)
  bullet (~> 4.14)
  capybara (~> 2.4)
  cocoon (~> 1.2)
  colorize (~> 0.7)
  coveralls (~> 0.7)
  database_cleaner (~> 1.4)
  devise (~> 3.4)
  devise_invitable (~> 1.4)
  diffy (~> 3.0)
  dotenv-rails (~> 1.0)
  email_validator (~> 1.5)
  factory_girl_rails (~> 4.5)
  faker (~> 1.4)
  finishing_moves (~> 0.3)
  font-awesome-sass (~> 4.3)
  friendly_id (~> 5.1)
  gemoji (~> 2.1)
  github-linguist (~> 4.4)
  github-markdown (~> 0.6)
  github-markup (~> 1.3)
  high_voltage (~> 2.2)
  html-pipeline (~> 1.11)
  inch (~> 0.5)
  interactor (~> 3.1)
  jquery-rails (~> 4.0)
  jshintrb (~> 0.2)
  json_spec (~> 1.1)
  kaminari (~> 0.16)
  kramdown (~> 1.5)
  lograge (~> 0.3)
  momentjs-rails (~> 2.9)
  paper_trail (~> 3.0)
  pg (~> 0.18)
  poltergeist (~> 1.5)
  pry-byebug (~> 2.0)
  pry-rails (~> 0.3)
  puma (~> 2.11)
  pundit (~> 0.3)
  pygments.rb (~> 0.6)
  que (~> 0.9)
  rack-attack (~> 4.2)
  rack-cors (~> 0.3)
  rails (~> 4.2.0)
  responders (~> 2.0)
  roadie-rails (~> 1.0)
  rspec-rails (~> 3.1)
  rubocop (~> 0.29)
  sanitize (~> 3.1)
  sass-rails (~> 5.0)
  scss-lint (~> 0.32)
  secure_headers (~> 1.4)
  selectize-rails (~> 0.11)
  simplecov (~> 0.9)
  simplecov-console (~> 0.2)
  spring (~> 1.2)
  spring-commands-rspec (~> 1.0)
  teaspoon (~> 0.8)
  therubyracer (~> 0.12)
  uglifier (~> 2.7)
  unicorn (~> 4.8)
  web-console (~> 2.0)
  wicked (~> 1.1)
  yard (~> 0.8)
  zurb-ink-rails (~> 1.0)
